GEM
  remote: https://rubygems.org/
  specs:

PLATFORMS
  x86-mingw32

DEPENDENCIES

RUBY VERSION
   ruby 2.3.3p222

BUNDLED WITH
   2.0.2
